GEM
  remote: https://rubygems.org/
  specs:
    pg (1.4.3)

PLATFORMS
  ruby

DEPENDENCIES
  pg (= 1.4.3)

RUBY VERSION
   ruby 3.1.2p20

BUNDLED WITH
   1.17.3
